PATH
  remote: .
  specs:
    slack_log_viewer (0.1.0)
      haml (~> 4.0)
      sinatra (~> 1.4)
      twemoji (~> 2.1)

GEM
  remote: https://rubygems.org/
  specs:
    haml (4.0.7)
      tilt
    mini_portile2 (2.0.0)
    nokogiri (1.6.7.2)
      mini_portile2 (~> 2.0.0.rc2)
    rack (1.6.4)
    rack-protection (1.5.3)
      rack
    sinatra (1.4.7)
      rack (~> 1.5)
      rack-protection (~> 1.4)
      tilt (>= 1.3, < 3)
    tilt (2.0.2)
    twemoji (2.1.1)
      nokogiri (~> 1.6.2)

PLATFORMS
  ruby

DEPENDENCIES
  bundler
  slack_log_viewer!

BUNDLED WITH
   1.10.6
